PATH
  remote: .
  specs:
    geminabox (0.5.2)
      builder
      httpclient
      sinatra

GEM
  remote: http://rubygems.org/
  specs:
    builder (3.0.0)
    httpclient (2.2.1)
    rack (1.4.1)
    rack-protection (1.2.0)
      rack
    rake (0.9.2)
    sinatra (1.3.1)
      rack (>= 1.3.4, ~> 1.3)
      rack-protection (>= 1.1.2, ~> 1.1)
      tilt (>= 1.3.3, ~> 1.3)
    tilt (1.3.3)

PLATFORMS
  ruby

DEPENDENCIES
  geminabox!
  rake
